GIT
  remote: https://github.com/fuji-nakahara/genron_sf.git
  revision: 1f1ba799b984538323c778014a1064efdbdb749c
  branch: main
  specs:
    genron_sf (0.2.1)
      gepub (>= 1.0)
      nokogiri (>= 1.10)

PATH
  remote: .
  specs:
    genron_sf-ebook-kougai_generator (0.1.0)
      genron_sf (~> 0.2.0)

GEM
  remote: https://rubygems.org/
  specs:
    ast (2.4.2)
    base64 (0.1.1)
    gepub (1.0.15)
      nokogiri (>= 1.8.2, < 2.0)
      rubyzip (> 1.1.1, < 2.4)
    json (2.6.3)
    language_server-protocol (3.17.0.3)
    nokogiri (1.16.5-arm64-darwin)
      racc (~> 1.4)
    nokogiri (1.16.5-x86_64-linux)
      racc (~> 1.4)
    parallel (1.23.0)
    parser (3.2.2.3)
      ast (~> 2.4.1)
      racc
    racc (1.7.3)
    rainbow (3.1.1)
    rake (13.0.6)
    regexp_parser (2.8.1)
    rexml (3.2.8)
      strscan (>= 3.0.9)
    rubocop (1.56.0)
      base64 (~> 0.1.1)
      json (~> 2.3)
      language_server-protocol (>= 3.17.0)
      parallel (~> 1.10)
      parser (>= 3.2.2.3)
      rainbow (>= 2.2.2, < 4.0)
      regexp_parser (>= 1.8, < 3.0)
      rexml (>= 3.2.5, < 4.0)
      rubocop-ast (>= 1.28.1, < 2.0)
      ruby-progressbar (~> 1.7)
      unicode-display_width (>= 2.4.0, < 3.0)
    rubocop-ast (1.29.0)
      parser (>= 3.2.1.0)
    ruby-progressbar (1.13.0)
    rubyzip (2.3.2)
    strscan (3.1.0)
    unicode-display_width (2.4.2)

PLATFORMS
  arm64-darwin-22
  x86_64-linux

DEPENDENCIES
  genron_sf!
  genron_sf-ebook-kougai_generator!
  rake (~> 13.0)
  rubocop (~> 1.21)

BUNDLED WITH
   2.4.17
